PATH
  remote: .
  specs:
    jekyll-github-pages-gem (1.1.3)
      kramdown (~> 2.3.0)
      octokit (~> 4.18)

GEM
  remote: https://rubygems.org/
  specs:
    addressable (2.7.0)
      public_suffix (>= 2.0.2, < 5.0)
    ast (2.4.1)
    docile (1.3.5)
    faraday (0.17.3)
      multipart-post (>= 1.2, < 3)
    kramdown (2.3.0)
      rexml
    minitest (5.14.3)
    mocha (1.12.0)
    multipart-post (2.1.1)
    octokit (4.20.0)
      faraday (>= 0.9)
      sawyer (~> 0.8.0, >= 0.5.3)
    parallel (1.20.1)
    parser (3.0.0.0)
      ast (~> 2.4.1)
    public_suffix (4.0.6)
    rainbow (3.0.0)
    rake (13.0.3)
    rdoc (6.3.0)
    regexp_parser (2.0.3)
    rexml (3.2.4)
    rubocop (0.93.1)
      parallel (~> 1.10)
      parser (>= 2.7.1.5)
      rainbow (>= 2.2.2, < 4.0)
      regexp_parser (>= 1.8)
      rexml
      rubocop-ast (>= 0.6.0)
      ruby-progressbar (~> 1.7)
      unicode-display_width (>= 1.4.0, < 2.0)
    rubocop-ast (1.4.0)
      parser (>= 2.7.1.5)
    ruby-progressbar (1.11.0)
    sawyer (0.8.2)
      addressable (>= 2.3.5)
      faraday (> 0.8, < 2.0)
    simplecov (0.21.2)
      docile (~> 1.1)
      simplecov-html (~> 0.11)
      simplecov_json_formatter (~> 0.1)
    simplecov-html (0.12.3)
    simplecov_json_formatter (0.1.2)
    unicode-display_width (1.7.0)

PLATFORMS
  x64-mingw32

DEPENDENCIES
  faraday (~> 0.17.1)
  jekyll-github-pages-gem!
  kramdown (~> 2.3.0)
  minitest
  mocha
  octokit (~> 4.18)
  rake
  rdoc
  rubocop (~> 0.71)
  simplecov

BUNDLED WITH
   2.1.4
